GEM
  remote: https://rubygems.org/
  specs:
    amq-protocol (2.3.2)
    bunny (2.22.0)
      amq-protocol (~> 2.3, >= 2.3.1)
      sorted_set (~> 1, >= 1.0.2)
    date (3.3.4)
    mail (2.8.1)
      mini_mime (>= 0.1.1)
      net-imap
      net-pop
      net-smtp
    mini_mime (1.1.5)
    net-imap (0.4.9.1)
      date
      net-protocol
    net-pop (0.1.2)
      net-protocol
    net-protocol (0.2.2)
      timeout
    net-smtp (0.4.0.1)
      net-protocol
    rbtree (0.4.6)
    set (1.1.0)
    sorted_set (1.0.3)
      rbtree
      set (~> 1.0)
    timeout (0.4.1)

GEM
  remote: https://rubygems.vpsfree.cz/
  specs:
    coderay (1.1.3)
    curses (1.4.4)
    filelock (1.1.1)
    gli (2.20.1)
    highline (2.0.3)
    ipaddress (0.8.3)
    json (2.6.3)
    libnodectld (3.0.0.dev.build20240106163524)
      bunny (~> 2.22.0)
      filelock
      ipaddress (~> 0.8.3)
      json
      libosctl (= 23.11.0.build20240106103057)
      mail (~> 2.8.1)
      mysql2 (= 0.5.3.vpsadminos.1)
      osctl (= 23.11.0.build20240106103057)
      osctl-exportfs (= 23.11.0.build20240106103057)
      prometheus-client (~> 4.0.0)
      pry (~> 0.11.3)
      pry-remote
      require_all (~> 2.0.0)
    libosctl (23.11.0.build20240106103057)
      rainbow (~> 3.1.1)
      require_all (~> 2.0.0)
    method_source (0.9.2)
    mysql2 (0.5.3.vpsadminos.1)
    nodectl (3.0.0.dev.build20240106163524)
      json
      libnodectld (= 3.0.0.dev.build20240106163524)
      libosctl (= 23.11.0.build20240106103057)
      pry (~> 0.11.3)
      pry-remote
      require_all (~> 2.0.0)
    osctl (23.11.0.build20240106103057)
      curses
      gli (~> 2.20.0)
      highline (~> 2.0.3)
      ipaddress (~> 0.8.3)
      json
      libosctl (= 23.11.0.build20240106103057)
      rainbow (~> 3.1.1)
      require_all (~> 2.0.0)
      ruby-progressbar (~> 1.11.0)
      tty-spinner (~> 0.9.3)
    osctl-exportfs (23.11.0.build20240106103057)
      filelock
      gli (~> 2.20.0)
      libosctl (= 23.11.0.build20240106103057)
      require_all (~> 2.0.0)
    prometheus-client (4.0.0)
    pry (0.11.3)
      coderay (~> 1.1.0)
      method_source (~> 0.9.0)
    pry-remote (0.1.8)
      pry (~> 0.9)
      slop (~> 3.0)
    rainbow (3.1.1)
    require_all (2.0.0)
    ruby-progressbar (1.11.0)
    slop (3.6.0)
    tty-cursor (0.7.1)
    tty-spinner (0.9.3)
      tty-cursor (~> 0.7)

PLATFORMS
  x86_64-linux

DEPENDENCIES
  nodectl (= 3.0.0.dev.build20240106163524)!

BUNDLED WITH
   2.4.22
