GEM
  remote: https://rubygems.org/
  specs:
    amq-protocol (2.3.3)
    base64 (0.2.0)
    bigdecimal (3.1.9)
    bunny (2.23.0)
      amq-protocol (~> 2.3, >= 2.3.1)
      sorted_set (~> 1, >= 1.0.2)
    coderay (1.1.3)
    curses (1.4.7)
    date (3.4.1)
    drb (2.2.1)
    fiddle (1.1.6)
    filelock (1.1.1)
    gli (2.22.2)
      ostruct
    highline (3.1.2)
      reline
    io-console (0.8.0)
    ipaddress (0.8.3)
    json (2.10.2)
    logger (1.6.6)
    mail (2.8.1)
      mini_mime (>= 0.1.1)
      net-imap
      net-pop
      net-smtp
    method_source (1.1.0)
    mini_mime (1.1.5)
    mysql2 (0.5.6)
    net-imap (0.5.6)
      date
      net-protocol
    net-pop (0.1.2)
      net-protocol
    net-protocol (0.2.2)
      timeout
    net-smtp (0.5.1)
      net-protocol
    ostruct (0.6.1)
    prometheus-client (4.2.4)
      base64
    pry (0.14.2)
      coderay (~> 1.1)
      method_source (~> 1.0)
    pry-remote (0.1.8)
      pry (~> 0.9)
      slop (~> 3.0)
    rainbow (3.1.1)
    rbtree (0.4.6)
    reline (0.6.0)
      io-console (~> 0.5)
    require_all (2.0.0)
    rexml (3.4.1)
    ruby-progressbar (1.13.0)
    set (1.1.1)
    slop (3.6.0)
    sorted_set (1.0.3)
      rbtree
      set (~> 1.0)
    syslog (0.3.0)
      logger
    timeout (0.4.3)
    tty-cursor (0.7.1)
    tty-spinner (0.9.3)
      tty-cursor (~> 0.7)

GEM
  remote: https://rubygems.vpsfree.cz/
  specs:
    libnodectld (4.1.0.build20250325224628)
      base64
      bigdecimal
      bunny (~> 2.23.0)
      drb
      filelock
      ipaddress (~> 0.8.3)
      json
      libosctl (= 24.11.0.build20250317154831)
      mail (~> 2.8.1)
      mysql2 (= 0.5.6)
      osctl (= 24.11.0.build20250317154831)
      osctl-exportfs (= 24.11.0.build20250317154831)
      prometheus-client (~> 4.2.3)
      pry (~> 0.14.2)
      pry-remote
      require_all (~> 2.0.0)
      rexml (~> 3.3)
    libosctl (24.11.0.build20250317154831)
      fiddle
      logger
      rainbow (~> 3.1.1)
      require_all (~> 2.0.0)
      syslog
    osctl (24.11.0.build20250317154831)
      base64
      curses
      gli (~> 2.22.0)
      highline (~> 3.1.1)
      ipaddress (~> 0.8.3)
      json
      libosctl (= 24.11.0.build20250317154831)
      rainbow (~> 3.1.1)
      require_all (~> 2.0.0)
      ruby-progressbar (~> 1.13.0)
      tty-spinner (~> 0.9.3)
    osctl-exportfs (24.11.0.build20250317154831)
      filelock
      gli (~> 2.22.0)
      libosctl (= 24.11.0.build20250317154831)
      require_all (~> 2.0.0)

PLATFORMS
  ruby
  x86_64-linux

DEPENDENCIES
  libnodectld (= 4.1.0.build20250325224628)!

BUNDLED WITH
   2.5.22
