GEM
  remote: https://rubygems.org/
  specs:
    activemodel (5.2.6)
      activesupport (= 5.2.6)
    activerecord (5.2.6)
      activemodel (= 5.2.6)
      activesupport (= 5.2.6)
      arel (>= 9.0)
    activesupport (5.2.6)
      concurrent-ruby (~> 1.0, >= 1.0.2)
      i18n (>= 0.7, < 2)
      minitest (~> 5.1)
      tzinfo (~> 1.1)
    ancestry (3.2.1)
      activerecord (>= 4.2.0)
    arel (9.0.0)
    bcrypt (3.1.16)
    coderay (1.1.3)
    composite_primary_keys (11.3.1)
      activerecord (~> 5.2.4)
    concurrent-ruby (1.1.9)
    daemons (1.4.1)
    diff-lcs (1.4.4)
    domain_name (0.5.20190701)
      unf (>= 0.0.5, < 1.0.0)
    eventmachine (1.2.7)
    fio_api (0.0.7)
      httparty (>= 0.16.2)
    github-markdown (0.6.9)
    haveapi (0.14.0)
      activesupport (>= 4.0)
      github-markdown
      haveapi-client (~> 0.14.0)
      json
      mail
      nesty (~> 1.0)
      rake
      redcarpet (~> 3.5)
      require_all (~> 2.0.0)
      sinatra (~> 2.1.0)
      tilt (~> 2.0.10)
    haveapi-client (0.14.0)
      activesupport (>= 4.0)
      highline (~> 2.0.3)
      json
      require_all (~> 2.0.0)
      rest-client (~> 2.1.0)
      ruby-progressbar (~> 1.11.0)
    highline (2.0.3)
    http-accept (1.7.0)
    http-cookie (1.0.4)
      domain_name (~> 0.5)
    httparty (0.18.1)
      mime-types (~> 3.0)
      multi_xml (>= 0.5.2)
    i18n (1.8.10)
      concurrent-ruby (~> 1.0)
    ipaddress (0.8.3)
    json (2.5.1)
    mail (2.7.1)
      mini_mime (>= 0.1.1)
    method_source (1.0.0)
    mime-types (3.3.1)
      mime-types-data (~> 3.2015)
    mime-types-data (3.2021.0704)
    mini_mime (1.1.1)
    minitest (5.14.4)
    multi_xml (0.6.0)
    mustermann (1.1.1)
      ruby2_keywords (~> 0.0.1)
    mysql2 (0.5.3)
    nesty (1.0.2)
    netrc (0.11.0)
    paper_trail (10.3.1)
      activerecord (>= 4.2)
      request_store (~> 1.1)
    pry (0.14.1)
      coderay (~> 1.1)
      method_source (~> 1.0)
    rack (2.2.3)
    rack-protection (2.1.0)
      rack
    rake (13.0.6)
    redcarpet (3.5.1)
    request_store (1.5.0)
      rack (>= 1.4)
    require_all (2.0.0)
    rest-client (2.1.0)
      http-accept (>= 1.7.0, < 2.0)
      http-cookie (>= 1.0.2, < 2.0)
      mime-types (>= 1.16, < 4.0)
      netrc (~> 0.8)
    rotp (6.2.0)
    rspec (3.10.0)
      rspec-core (~> 3.10.0)
      rspec-expectations (~> 3.10.0)
      rspec-mocks (~> 3.10.0)
    rspec-core (3.10.1)
      rspec-support (~> 3.10.0)
    rspec-expectations (3.10.1)
      diff-lcs (>= 1.2.0, < 2.0)
      rspec-support (~> 3.10.0)
    rspec-mocks (3.10.2)
      diff-lcs (>= 1.2.0, < 2.0)
      rspec-support (~> 3.10.0)
    rspec-support (3.10.2)
    ruby-progressbar (1.11.0)
    ruby2_keywords (0.0.5)
    sinatra (2.1.0)
      mustermann (~> 1.0)
      rack (~> 2.2)
      rack-protection (= 2.1.0)
      tilt (~> 2.0)
    sinatra-activerecord (2.0.23)
      activerecord (>= 4.1)
      sinatra (>= 1.0)
    thin (1.8.1)
      daemons (~> 1.0, >= 1.0.9)
      eventmachine (~> 1.0, >= 1.0.4)
      rack (>= 1, < 3)
    thread_safe (0.3.6)
    tilt (2.0.10)
    tzinfo (1.2.9)
      thread_safe (~> 0.1)
    unf (0.1.4)
      unf_ext
    unf_ext (0.0.7.7)
    yard (0.9.26)

PLATFORMS
  ruby

DEPENDENCIES
  activerecord (~> 5.2.6)
  ancestry (~> 3.2.1)
  bcrypt (~> 3.1.10)
  composite_primary_keys (~> 11.3.1)
  eventmachine
  fio_api!
  haveapi (~> 0.14.0)
  ipaddress (~> 0.8.0)
  mysql2 (~> 0.5.3)
  paper_trail (~> 10.3.1)
  pry
  rake
  require_all (~> 2.0.0)
  rotp (~> 6.2.0)
  rspec
  sinatra-activerecord (~> 2.0.13)
  thin
  yard

BUNDLED WITH
   2.1.4
