GEM
  remote: https://rubygems.org/
  specs:
    amq-protocol (2.3.2)
    bunny (2.22.0)
      amq-protocol (~> 2.3, >= 2.3.1)
      sorted_set (~> 1, >= 1.0.2)
    daemons (1.4.1)
    eventmachine (1.2.7)
    mustermann (3.0.3)
      ruby2_keywords (~> 0.0.1)
    rack (2.2.10)
    rack-protection (3.1.0)
      rack (~> 2.2, >= 2.2.4)
    rbtree (0.4.6)
    require_all (2.0.0)
    ruby2_keywords (0.0.5)
    set (1.1.0)
    sinatra (3.1.0)
      mustermann (~> 3.0)
      rack (~> 2.2, >= 2.2.4)
      rack-protection (= 3.1.0)
      tilt (~> 2.0)
    sorted_set (1.0.3)
      rbtree
      set (~> 1.0)
    thin (1.8.2)
      daemons (~> 1.0, >= 1.0.9)
      eventmachine (~> 1.0, >= 1.0.4)
      rack (>= 1, < 3)
    tilt (2.4.0)

PLATFORMS
  ruby
  x86_64-linux

DEPENDENCIES
  bunny (~> 2.22.0)
  require_all (~> 2.0.0)
  sinatra (~> 3.1.0)
  thin

BUNDLED WITH
   2.5.9
