GEM
  remote: https://rubygems.org/
  specs:
    amq-protocol (2.3.2)
    base64 (0.2.0)
    bunny (2.22.0)
      amq-protocol (~> 2.3, >= 2.3.1)
      sorted_set (~> 1, >= 1.0.2)
    mustermann (3.0.3)
      ruby2_keywords (~> 0.0.1)
    nio4r (2.7.4)
    puma (6.4.3)
      nio4r (~> 2.0)
    rack (3.1.8)
    rack-protection (4.0.0)
      base64 (>= 0.1.0)
      rack (>= 3.0.0, < 4)
    rack-session (2.0.0)
      rack (>= 3.0.0)
    rackup (2.2.0)
      rack (>= 3)
    rbtree (0.4.6)
    require_all (2.0.0)
    ruby2_keywords (0.0.5)
    set (1.1.0)
    sinatra (4.0.0)
      mustermann (~> 3.0)
      rack (>= 3.0.0, < 4)
      rack-protection (= 4.0.0)
      rack-session (>= 2.0.0, < 3)
      tilt (~> 2.0)
    sorted_set (1.0.3)
      rbtree
      set (~> 1.0)
    tilt (2.4.0)
    webrick (1.9.0)

PLATFORMS
  ruby
  x86_64-linux

DEPENDENCIES
  bunny (~> 2.22.0)
  puma
  rackup
  require_all (~> 2.0.0)
  sinatra (~> 4.0)
  webrick

BUNDLED WITH
   2.5.9
