GEM
  remote: https://rubygems.vpsfree.cz/
  specs:
    coderay (1.1.3)
    curses (1.4.4)
    eventmachine (1.2.7)
    filelock (1.1.1)
    gli (2.20.1)
    highline (2.0.3)
    ipaddress (0.8.3)
    json (2.6.1)
    libnodectld (3.0.0.dev.build20220425144242)
      eventmachine
      filelock
      ipaddress (~> 0.8.3)
      json
      libosctl (= 21.11.0.build20220421185634)
      mail
      mysql2 (= 0.5.3.vpsadminos.1)
      osctl (= 21.11.0.build20220421185634)
      osctl-exportfs (= 21.11.0.build20220421185634)
      pry (~> 0.11.3)
      pry-remote
      require_all (~> 2.0.0)
    libosctl (21.11.0.build20220421185634)
      rainbow (~> 3.1.1)
      require_all (~> 2.0.0)
    mail (2.7.1)
      mini_mime (>= 0.1.1)
    method_source (0.9.2)
    mini_mime (1.1.2)
    mysql2 (0.5.3.vpsadminos.1)
    nodectld (3.0.0.dev.build20220425144242)
      libnodectld (= 3.0.0.dev.build20220425144242)
    osctl (21.11.0.build20220421185634)
      curses
      gli (~> 2.20.0)
      highline (~> 2.0.3)
      ipaddress (~> 0.8.3)
      json
      libosctl (= 21.11.0.build20220421185634)
      rainbow (~> 3.1.1)
      require_all (~> 2.0.0)
      ruby-progressbar (~> 1.11.0)
    osctl-exportfs (21.11.0.build20220421185634)
      filelock
      gli (~> 2.20.0)
      libosctl (= 21.11.0.build20220421185634)
      require_all (~> 2.0.0)
    pry (0.11.3)
      coderay (~> 1.1.0)
      method_source (~> 0.9.0)
    pry-remote (0.1.8)
      pry (~> 0.9)
      slop (~> 3.0)
    rainbow (3.1.1)
    require_all (2.0.0)
    ruby-progressbar (1.11.0)
    slop (3.6.0)

PLATFORMS
  x86_64-linux

DEPENDENCIES
  nodectld (= 3.0.0.dev.build20220425144242)

BUNDLED WITH
   2.2.24
