GEM
  remote: https://rubygems.org/
  specs:
    amq-protocol (2.3.2)
    base64 (0.2.0)
    bunny (2.23.0)
      amq-protocol (~> 2.3, >= 2.3.1)
      sorted_set (~> 1, >= 1.0.2)
    coderay (1.1.3)
    curses (1.4.7)
    date (3.4.0)
    filelock (1.1.1)
    gli (2.22.0)
    highline (3.1.1)
      reline
    io-console (0.7.2)
    ipaddress (0.8.3)
    json (2.8.2)
    mail (2.8.1)
      mini_mime (>= 0.1.1)
      net-imap
      net-pop
      net-smtp
    method_source (1.1.0)
    mini_mime (1.1.5)
    mysql2 (0.5.6)
    net-imap (0.5.1)
      date
      net-protocol
    net-pop (0.1.2)
      net-protocol
    net-protocol (0.2.2)
      timeout
    net-smtp (0.5.0)
      net-protocol
    prometheus-client (4.2.3)
      base64
    pry (0.14.2)
      coderay (~> 1.1)
      method_source (~> 1.0)
    pry-remote (0.1.8)
      pry (~> 0.9)
      slop (~> 3.0)
    rainbow (3.1.1)
    rbtree (0.4.6)
    reline (0.5.11)
      io-console (~> 0.5)
    require_all (2.0.0)
    rexml (3.3.9)
    ruby-progressbar (1.13.0)
    set (1.1.0)
    slop (3.6.0)
    sorted_set (1.0.3)
      rbtree
      set (~> 1.0)
    timeout (0.4.2)
    tty-cursor (0.7.1)
    tty-spinner (0.9.3)
      tty-cursor (~> 0.7)

GEM
  remote: https://rubygems.vpsfree.cz/
  specs:
    libnodectld (4.0.0.build20241124114502)
      bunny (~> 2.23.0)
      filelock
      ipaddress (~> 0.8.3)
      json
      libosctl (= 24.05.0.build20241124114328)
      mail (~> 2.8.1)
      mysql2 (= 0.5.6)
      osctl (= 24.05.0.build20241124114328)
      osctl-exportfs (= 24.05.0.build20241124114328)
      prometheus-client (~> 4.2.3)
      pry (~> 0.14.2)
      pry-remote
      require_all (~> 2.0.0)
      rexml (~> 3.3)
    libosctl (24.05.0.build20241124114328)
      rainbow (~> 3.1.1)
      require_all (~> 2.0.0)
    nodectld (4.0.0.build20241124114502)
      libnodectld (= 4.0.0.build20241124114502)
    osctl (24.05.0.build20241124114328)
      curses
      gli (~> 2.22.0)
      highline (~> 3.1.1)
      ipaddress (~> 0.8.3)
      json
      libosctl (= 24.05.0.build20241124114328)
      rainbow (~> 3.1.1)
      require_all (~> 2.0.0)
      ruby-progressbar (~> 1.13.0)
      tty-spinner (~> 0.9.3)
    osctl-exportfs (24.05.0.build20241124114328)
      filelock
      gli (~> 2.22.0)
      libosctl (= 24.05.0.build20241124114328)
      require_all (~> 2.0.0)

PLATFORMS
  ruby
  x86_64-linux

DEPENDENCIES
  nodectld (= 4.0.0.build20241124114502)!

BUNDLED WITH
   2.5.9
