GEM
  remote: https://rubygems.vpsfree.cz/
  specs:
    coderay (1.1.3)
    curses (1.4.4)
    eventmachine (1.2.7)
    filelock (1.1.1)
    gli (2.20.1)
    highline (2.0.3)
    ipaddress (0.8.3)
    json (2.6.2)
    libnodectld (3.0.0.dev.build20221124125611)
      eventmachine
      filelock
      ipaddress (~> 0.8.3)
      json
      libosctl (= 22.05.0.build20221124124914)
      mail (= 2.8.0.rc1)
      mysql2 (= 0.5.3.vpsadminos.1)
      osctl (= 22.05.0.build20221124124914)
      osctl-exportfs (= 22.05.0.build20221124124914)
      prometheus-client (~> 4.0.0)
      pry (~> 0.11.3)
      pry-remote
      require_all (~> 2.0.0)
    libosctl (22.05.0.build20221124124914)
      rainbow (~> 3.1.1)
      require_all (~> 2.0.0)
    mail (2.8.0.rc1)
      mini_mime (>= 0.1.1)
      net-imap
      net-pop
      net-smtp
    method_source (0.9.2)
    mini_mime (1.1.2)
    mysql2 (0.5.3.vpsadminos.1)
    net-imap (0.3.1)
      net-protocol
    net-pop (0.1.2)
      net-protocol
    net-protocol (0.1.3)
      timeout
    net-smtp (0.3.3)
      net-protocol
    nodectld (3.0.0.dev.build20221124125611)
      libnodectld (= 3.0.0.dev.build20221124125611)
    osctl (22.05.0.build20221124124914)
      curses
      gli (~> 2.20.0)
      highline (~> 2.0.3)
      ipaddress (~> 0.8.3)
      json
      libosctl (= 22.05.0.build20221124124914)
      rainbow (~> 3.1.1)
      require_all (~> 2.0.0)
      ruby-progressbar (~> 1.11.0)
    osctl-exportfs (22.05.0.build20221124124914)
      filelock
      gli (~> 2.20.0)
      libosctl (= 22.05.0.build20221124124914)
      require_all (~> 2.0.0)
    prometheus-client (4.0.0)
    pry (0.11.3)
      coderay (~> 1.1.0)
      method_source (~> 0.9.0)
    pry-remote (0.1.8)
      pry (~> 0.9)
      slop (~> 3.0)
    rainbow (3.1.1)
    require_all (2.0.0)
    ruby-progressbar (1.11.0)
    slop (3.6.0)
    timeout (0.3.0)

PLATFORMS
  x86_64-linux

DEPENDENCIES
  nodectld (= 3.0.0.dev.build20221124125611)

BUNDLED WITH
   2.3.9
